PATH
  remote: .
  specs:
    bushpig (0.1.0)
      thor (~> 1.1.0)

GEM
  remote: https://rubygems.org/
  specs:
    rake (10.5.0)
    thor (1.1.0)

PLATFORMS
  ruby

DEPENDENCIES
  bundler (~> 2.1)
  bushpig!
  rake (~> 10.0)

BUNDLED WITH
   2.1.4
