PATH
  remote: .
  specs:
    bushpig (0.1.0)
      connection_pool (~> 2.2)
      json (~> 1.8)
      redis (~> 3.3)
      thor (~> 1.0)

GEM
  remote: https://rubygems.org/
  specs:
    coderay (1.1.3)
    connection_pool (2.2.5)
    json (1.8.6)
    method_source (1.0.0)
    pry (0.14.1)
      coderay (~> 1.1)
      method_source (~> 1.0)
    rake (10.5.0)
    redis (3.3.5)
    thor (1.1.0)

PLATFORMS
  ruby

DEPENDENCIES
  bundler (~> 2.1)
  bushpig!
  pry
  rake (~> 10.0)

BUNDLED WITH
   2.1.4
