PATH
  remote: .
  specs:
    bushpig (0.1.0)
      connection_pool (~> 2.2)
      redis (~> 3.3)
      thor (~> 1.0)

GEM
  remote: https://rubygems.org/
  specs:
    connection_pool (2.2.5)
    rake (10.5.0)
    redis (3.3.5)
    thor (1.1.0)

PLATFORMS
  ruby

DEPENDENCIES
  bundler (~> 2.1)
  bushpig!
  rake (~> 10.0)

BUNDLED WITH
   2.1.4
