PATH
  remote: .
  specs:
    bushpig (0.1.21)
      connection_pool (~> 2.2)
      json (>= 1.8)
      redis (<= 5.3.0)
      thor (~> 1.0)

GEM
  remote: https://rubygems.org/
  specs:
    ast (2.4.2)
    coderay (1.1.3)
    connection_pool (2.4.1)
    json (2.7.2)
    method_source (1.1.0)
    parallel (1.24.0)
    parser (3.3.5.0)
      ast (~> 2.4.1)
      racc
    pry (0.14.2)
      coderay (~> 1.1)
      method_source (~> 1.0)
    racc (1.8.1)
    rainbow (3.1.1)
    rake (13.2.1)
    redis (5.3.0)
      redis-client (>= 0.22.0)
    redis-client (0.22.2)
      connection_pool
    regexp_parser (2.9.2)
    rexml (3.3.7)
    rubocop (1.50.2)
      json (~> 2.3)
      parallel (~> 1.10)
      parser (>= 3.2.0.0)
      rainbow (>= 2.2.2, < 4.0)
      regexp_parser (>= 1.8, < 3.0)
      rexml (>= 3.2.5, < 4.0)
      rubocop-ast (>= 1.28.0, < 2.0)
      ruby-progressbar (~> 1.7)
      unicode-display_width (>= 2.4.0, < 3.0)
    rubocop-ast (1.30.0)
      parser (>= 3.2.1.0)
    ruby-progressbar (1.13.0)
    thor (1.3.2)
    unicode-display_width (2.6.0)

PLATFORMS
  ruby

DEPENDENCIES
  bundler (~> 2.2.33)
  bushpig!
  pry
  rake (>= 13.2)
  rubocop

BUNDLED WITH
   2.2.33
