PATH
  remote: .
  specs:
    bushpig (0.1.0)
      connection_pool (~> 2.2)
      json (~> 1.8)
      redis (~> 3.3)
      thor (~> 1.0)

GEM
  remote: https://rubygems.org/
  specs:
    ast (2.4.2)
    connection_pool (2.2.5)
    json (1.8.6)
    parallel (1.20.1)
    parser (3.0.1.1)
      ast (~> 2.4.1)
    rainbow (3.0.0)
    rake (10.5.0)
    redis (3.3.5)
    regexp_parser (2.1.1)
    rexml (3.2.5)
    rubocop (1.14.0)
      parallel (~> 1.10)
      parser (>= 3.0.0.0)
      rainbow (>= 2.2.2, < 4.0)
      regexp_parser (>= 1.8, < 3.0)
      rexml
      rubocop-ast (>= 1.5.0, < 2.0)
      ruby-progressbar (~> 1.7)
      unicode-display_width (>= 1.4.0, < 3.0)
    rubocop-ast (1.5.0)
      parser (>= 3.0.1.1)
    ruby-progressbar (1.11.0)
    thor (1.1.0)
    unicode-display_width (2.0.0)

PLATFORMS
  ruby

DEPENDENCIES
  bundler (~> 2.1)
  bushpig!
  rake (~> 10.0)
  rubocop

BUNDLED WITH
   2.1.4
